GEM
  remote: https://rubygems.org/
  specs:
    geocoder (1.6.1)

PLATFORMS
  ruby

DEPENDENCIES
  geocoder (~> 1.6)

BUNDLED WITH
   1.15.4
